PATH
  remote: .
  specs:
    win32screenshot (1.0.6)
      ffi (~> 1.0)
      mini_magick (~> 3.2.0)
      rake (= 0.8.7)
      rautomation (~> 0.6.3)
      rspec (~> 2.5)

GEM
  remote: http://rubygems.org/
  specs:
    diff-lcs (1.1.3)
    ffi (1.0.9-x86-mingw32)
    mini_magick (3.2.1)
      subexec (~> 0.0.4)
    rake (0.8.7)
    rautomation (0.6.3)
    rspec (2.6.0)
      rspec-core (~> 2.6.0)
      rspec-expectations (~> 2.6.0)
      rspec-mocks (~> 2.6.0)
    rspec-core (2.6.4)
    rspec-expectations (2.6.0)
      diff-lcs (~> 1.1.2)
    rspec-mocks (2.6.0)
    subexec (0.0.4)

PLATFORMS
  x86-mingw32

DEPENDENCIES
  win32screenshot!
